GEM
  remote: http://rubygems.org/
  specs:
    addressable (2.2.6)
    faraday (0.6.1)
      addressable (~> 2.2.4)
      multipart-post (~> 1.1.0)
      rack (>= 1.1.0, < 2)
    json (1.4.6)
    kgio (2.6.0)
    multipart-post (1.1.3)
    rack (1.2.1)
    raindrops (0.7.0)
    sinatra (1.1.0)
      rack (~> 1.1)
      tilt (~> 1.1)
    tilt (1.2.2)
    unicorn (4.0.1)
      kgio (~> 2.4)
      rack
      raindrops (~> 0.6)

PLATFORMS
  ruby

DEPENDENCIES
  faraday
  json
  sinatra
  unicorn
